GEM
  remote: https://rubygems.org/
  specs:
    sqlite3 (1.3.12)
    sqlite3 (1.3.12-x64-mingw32)

PLATFORMS
  ruby
  x64-mingw32

DEPENDENCIES
  sqlite3

BUNDLED WITH
   1.13.6
