GEM
  remote: https://rubygems.org/
  specs:
    concurrent-ruby (1.1.10)
    diff-lcs (1.5.0)
    rspec (3.11.0)
      rspec-core (~> 3.11.0)
      rspec-expectations (~> 3.11.0)
      rspec-mocks (~> 3.11.0)
    rspec-core (3.11.0)
      rspec-support (~> 3.11.0)
    rspec-expectations (3.11.0)
      diff-lcs (>= 1.2.0, < 2.0)
      rspec-support (~> 3.11.0)
    rspec-mocks (3.11.1)
      diff-lcs (>= 1.2.0, < 2.0)
      rspec-support (~> 3.11.0)
    rspec-support (3.11.0)
    sqlite3 (1.4.2)

PLATFORMS
  ruby
  x64-mingw32

DEPENDENCIES
  concurrent-ruby (~> 1.1)
  rspec (~> 3.9)
  rspec-mocks
  sqlite3

BUNDLED WITH
   1.17.2
